GEM
  remote: http://rubygems.org/
  specs:
    rack (2.2.3)
    roda (3.33.0)
      rack

PLATFORMS
  ruby

DEPENDENCIES
  roda (>= 3.1.0)

BUNDLED WITH
   1.17.3
